GEM
  remote: https://rubygems.org/
  specs:
    dotenv (2.5.0)
    httparty (0.16.2)
      multi_xml (>= 0.5.2)
    multi_xml (0.6.0)

PLATFORMS
  ruby

DEPENDENCIES
  dotenv
  httparty

RUBY VERSION
   ruby 2.5.1p57

BUNDLED WITH
   1.16.5
